GEM
  remote: http://rubygems.org/
  specs:
    activemodel (3.2.9)
      activesupport (= 3.2.9)
      builder (~> 3.0.0)
    activerecord (3.2.9)
      activemodel (= 3.2.9)
      activesupport (= 3.2.9)
      arel (~> 3.0.2)
      tzinfo (~> 0.3.29)
    activesupport (3.2.9)
      i18n (~> 0.6)
      multi_json (~> 1.0)
    addressable (2.3.2)
    arel (3.0.2)
    builder (3.0.4)
    casino_core (1.0.7)
      activerecord (~> 3.2.9)
      addressable (~> 2.3.2)
      useragent (~> 0.4.13)
    diff-lcs (1.1.3)
    git (1.2.5)
    i18n (0.6.1)
    jeweler (1.8.4)
      bundler (~> 1.0)
      git (>= 1.2.5)
      rake
      rdoc
    json (1.7.6)
    multi_json (1.5.0)
    net-ldap (0.3.1)
    rake (10.0.3)
    rdoc (3.12)
      json (~> 1.4)
    redcarpet (2.2.2)
    rspec (2.12.0)
      rspec-core (~> 2.12.0)
      rspec-expectations (~> 2.12.0)
      rspec-mocks (~> 2.12.0)
    rspec-core (2.12.2)
    rspec-expectations (2.12.1)
      diff-lcs (~> 1.1.3)
    rspec-mocks (2.12.1)
    simplecov (0.7.1)
      multi_json (~> 1.0)
      simplecov-html (~> 0.7.1)
    simplecov-html (0.7.1)
    tzinfo (0.3.35)
    useragent (0.4.15)
    yard (0.8.3)

PLATFORMS
  ruby

DEPENDENCIES
  bundler (~> 1.2.0)
  casino_core
  jeweler (~> 1.8.4)
  net-ldap (~> 0.3.1)
  redcarpet
  rspec (~> 2.12.0)
  simplecov (~> 0.7.1)
  yard (~> 0.8.3)
